GEM
  remote: https://rubygems.org/
  specs:
    sequel (4.28.0)

PLATFORMS
  ruby

DEPENDENCIES
  sequel

BUNDLED WITH
   1.10.6
